GEM
  remote: https://rubygems.org/
  specs:
    cgi (0.3.6)
    duckdb (0.8.1.3)
    erb (4.0.3)
      cgi (>= 0.3.3)
    httparty (0.21.0)
      mini_mime (>= 1.0.0)
      multi_xml (>= 0.5.2)
    json (2.6.3)
    mini_mime (1.1.5)
    multi_xml (0.6.0)
    ruby-progressbar (1.13.0)
    tiny_segmenter (0.0.6)
    yard (0.9.34)

PLATFORMS
  x86_64-linux

DEPENDENCIES
  duckdb (~> 0.8.1)
  erb (~> 4.0)
  httparty (~> 0.21.0)
  json (~> 2.6)
  ruby-progressbar (~> 1.13)
  tiny_segmenter (~> 0.0.6)
  yard (~> 0.9.34)

BUNDLED WITH
   2.2.22
